GEM
  remote: https://rubygems.org/
  specs:
    childprocess (0.6.1)
      ffi (~> 1.0, >= 1.0.11)
    ffi (1.9.17)
    json (1.5.5)
    rubyzip (1.2.1)
    selenium-webdriver (2.53.4)
      childprocess (~> 0.5)
      rubyzip (~> 1.0)
      websocket (~> 1.0)
    websocket (1.2.4)

PLATFORMS
  ruby

DEPENDENCIES
  json
  selenium-webdriver

BUNDLED WITH
   1.14.4
